GEM
  remote: https://rubygems.org/
  specs:
    gosu (1.3.0)
    ocra (1.3.11)

PLATFORMS
  x64-mingw32

DEPENDENCIES
  gosu (~> 1.3)
  ocra (~> 1.3.11)

BUNDLED WITH
   2.3.4
